GIT
  remote: https://hryk@github.com/hryk/ruby-saml.git
  revision: 0edb80ea5bf888cc3e19b7d1f34972064093c3bb
  branch: logout
  specs:
    ruby-saml (0.4.7)
      canonix (~> 0.1)
      uuid (~> 2.3)

GEM
  remote: http://rubygems.org/
  specs:
    canonix (0.1.5)
    haml (3.1.4)
    kgio (2.7.2)
    macaddr (1.5.0)
      systemu (>= 2.4.0)
    rack (1.4.1)
    rack-protection (1.2.0)
      rack
    raindrops (0.8.0)
    rake (0.9.2.2)
    sinatra (1.3.2)
      rack (~> 1.3, >= 1.3.6)
      rack-protection (~> 1.2)
      tilt (~> 1.3, >= 1.3.3)
    systemu (2.4.2)
    tilt (1.3.3)
    unicorn (4.2.0)
      kgio (~> 2.6)
      rack
      raindrops (~> 0.7)
    uuid (2.3.5)
      macaddr (~> 1.0)
    warden (1.1.1)
      rack (>= 1.0)

PLATFORMS
  ruby

DEPENDENCIES
  haml (~> 3.1.4)
  rake
  ruby-saml!
  sinatra (~> 1.3.2)
  unicorn
  warden (~> 1.1.1)
